PATH
  remote: .
  specs:
    sanctum (0.8.0)
      gli (~> 2)
      hashdiff (~> 0)
      vault (~> 0)

GEM
  remote: https://rubygems.org/
  specs:
    aws-sigv4 (1.0.2)
    coderay (1.1.2)
    diff-lcs (1.3)
    gli (2.17.1)
    hashdiff (0.3.7)
    method_source (0.9.0)
    pry (0.11.3)
      coderay (~> 1.1.0)
      method_source (~> 0.9.0)
    rake (10.5.0)
    rspec (3.7.0)
      rspec-core (~> 3.7.0)
      rspec-expectations (~> 3.7.0)
      rspec-mocks (~> 3.7.0)
    rspec-core (3.7.1)
      rspec-support (~> 3.7.0)
    rspec-expectations (3.7.0)
      diff-lcs (>= 1.2.0, < 2.0)
      rspec-support (~> 3.7.0)
    rspec-mocks (3.7.0)
      diff-lcs (>= 1.2.0, < 2.0)
      rspec-support (~> 3.7.0)
    rspec-support (3.7.1)
    vault (0.11.0)
      aws-sigv4

PLATFORMS
  ruby

DEPENDENCIES
  bundler (~> 1.16)
  pry (~> 0)
  rake (~> 10.0)
  rspec (~> 3.0)
  sanctum!

BUNDLED WITH
   1.16.2
