PATH
  remote: .
  specs:
    sanctum (0.8.5.rc3)
      gli (~> 2.18)
      hashdiff (~> 0.3)
      vault (~> 0.12)

GEM
  remote: https://rubygems.org/
  specs:
    ast (2.4.0)
    aws-sigv4 (1.0.3)
    coderay (1.1.2)
    diff-lcs (1.3)
    gli (2.18.0)
    hashdiff (0.3.8)
    jaro_winkler (1.5.2)
    method_source (0.9.2)
    parallel (1.13.0)
    parser (2.6.0.0)
      ast (~> 2.4.0)
    powerpack (0.1.2)
    pry (0.12.2)
      coderay (~> 1.1.0)
      method_source (~> 0.9.0)
    rainbow (3.0.0)
    rake (12.3.2)
    rspec (3.8.0)
      rspec-core (~> 3.8.0)
      rspec-expectations (~> 3.8.0)
      rspec-mocks (~> 3.8.0)
    rspec-core (3.8.0)
      rspec-support (~> 3.8.0)
    rspec-expectations (3.8.2)
      diff-lcs (>= 1.2.0, < 2.0)
      rspec-support (~> 3.8.0)
    rspec-mocks (3.8.0)
      diff-lcs (>= 1.2.0, < 2.0)
      rspec-support (~> 3.8.0)
    rspec-support (3.8.0)
    rubocop (0.63.1)
      jaro_winkler (~> 1.5.1)
      parallel (~> 1.10)
      parser (>= 2.5, != 2.5.1.1)
      powerpack (~> 0.1)
      rainbow (>= 2.2.2, < 4.0)
      ruby-progressbar (~> 1.7)
      unicode-display_width (~> 1.4.0)
    rubocop-rspec (1.32.0)
      rubocop (>= 0.60.0)
    ruby-progressbar (1.10.0)
    unicode-display_width (1.4.1)
    vault (0.12.0)
      aws-sigv4

PLATFORMS
  ruby

DEPENDENCIES
  bundler (~> 1.0)
  pry (~> 0.12.0)
  rake (~> 12.0)
  rspec (~> 3.0)
  rubocop (~> 0.63.0)
  rubocop-rspec (~> 1.32.0)
  sanctum!

BUNDLED WITH
   1.17.2
