PATH
  remote: .
  specs:
    sanctum (0.8.3)
      gli (~> 2)
      hashdiff (~> 0)
      vault (~> 0)

GEM
  remote: https://rubygems.org/
  specs:
    aws-sigv4 (1.0.3)
    coderay (1.1.2)
    diff-lcs (1.3)
    gli (2.18.0)
    hashdiff (0.3.8)
    method_source (0.9.2)
    pry (0.12.2)
      coderay (~> 1.1.0)
      method_source (~> 0.9.0)
    rake (12.3.2)
    rspec (3.8.0)
      rspec-core (~> 3.8.0)
      rspec-expectations (~> 3.8.0)
      rspec-mocks (~> 3.8.0)
    rspec-core (3.8.0)
      rspec-support (~> 3.8.0)
    rspec-expectations (3.8.2)
      diff-lcs (>= 1.2.0, < 2.0)
      rspec-support (~> 3.8.0)
    rspec-mocks (3.8.0)
      diff-lcs (>= 1.2.0, < 2.0)
      rspec-support (~> 3.8.0)
    rspec-support (3.8.0)
    vault (0.12.0)
      aws-sigv4

PLATFORMS
  ruby

DEPENDENCIES
  bundler (~> 1.16)
  pry (~> 0)
  rake (~> 12.0)
  rspec (~> 3.0)
  sanctum!

BUNDLED WITH
   1.17.1
